PATH
  remote: .
  specs:
    ticket_alert (0.1.0)
      dotenv (~> 2.2.1)
      mail (~> 2.7.0)
      rake (~> 10.5.0)
      redis (~> 4.0.1)
      selenium-webdriver (~> 3.6.0)
      thor (~> 0.20)
      watir (~> 6.8.4)

GEM
  remote: https://rubygems.org/
  specs:
    ast (2.4.0)
    childprocess (0.9.0)
      ffi (~> 1.0, >= 1.0.11)
    diff-lcs (1.3)
    dotenv (2.2.2)
    faraday (0.14.0)
      multipart-post (>= 1.2, < 3)
    ffi (1.10.0)
    jaro_winkler (1.5.1)
    mail (2.7.1)
      mini_mime (>= 0.1.1)
    mini_mime (1.0.1)
    multipart-post (2.0.0)
    parallel (1.12.1)
    parser (2.5.1.0)
      ast (~> 2.4.0)
    powerpack (0.1.1)
    rainbow (3.0.0)
    rake (10.5.0)
    redis (4.0.3)
    rspec (3.7.0)
      rspec-core (~> 3.7.0)
      rspec-expectations (~> 3.7.0)
      rspec-mocks (~> 3.7.0)
    rspec-core (3.7.0)
      rspec-support (~> 3.7.0)
    rspec-expectations (3.7.0)
      diff-lcs (>= 1.2.0, < 2.0)
      rspec-support (~> 3.7.0)
    rspec-mocks (3.7.0)
      diff-lcs (>= 1.2.0, < 2.0)
      rspec-support (~> 3.7.0)
    rspec-support (3.7.0)
    rubocop (0.57.2)
      jaro_winkler (~> 1.5.1)
      parallel (~> 1.10)
      parser (>= 2.5)
      powerpack (~> 0.1)
      rainbow (>= 2.2.2, < 4.0)
      ruby-progressbar (~> 1.7)
      unicode-display_width (~> 1.0, >= 1.0.1)
    ruby-progressbar (1.9.0)
    rubyzip (1.3.0)
    selenium-webdriver (3.6.0)
      childprocess (~> 0.5)
      rubyzip (~> 1.0)
    sentry-raven (2.7.2)
      faraday (>= 0.7.6, < 1.0)
    thor (0.20.3)
    unicode-display_width (1.3.2)
    watir (6.8.4)
      selenium-webdriver (~> 3.4, >= 3.4.1)

PLATFORMS
  ruby

DEPENDENCIES
  bundler (~> 1.16)
  rspec (~> 3.7.0)
  rspec-mocks (~> 3.7.0)
  rubocop (~> 0.6)
  sentry-raven (~> 2.7)
  ticket_alert!

BUNDLED WITH
   1.16.0
